GIT
  remote: git://github.com/zh/yarf.git
  revision: 7db19439b2b3732284254402ec97690668ebf6d9
  specs:
    yarf (0.3.2)
      erubis
      http_router
      rack
      tilt

GEM
  remote: http://rubygems.org/
  specs:
    daemons (1.1.6)
    diff-lcs (1.1.3)
    erubis (2.7.0)
    eventmachine (0.12.10)
    http_router (0.10.2)
      rack (>= 1.0.0)
      url_mount (~> 0.2.1)
    rack (1.3.6)
    rack-contrib (1.1.0)
      rack (>= 0.9.1)
    rack-test (0.6.1)
      rack (>= 1.0)
    rake (0.9.2.2)
    rdiscount (1.6.8)
    rspec (2.8.0)
      rspec-core (~> 2.8.0)
      rspec-expectations (~> 2.8.0)
      rspec-mocks (~> 2.8.0)
    rspec-core (2.8.0)
    rspec-expectations (2.8.0)
      diff-lcs (~> 1.1.2)
    rspec-mocks (2.8.0)
    thin (1.3.1)
      daemons (>= 1.0.9)
      eventmachine (>= 0.12.6)
      rack (>= 1.0.0)
    tilt (1.3.3)
    url_mount (0.2.1)
      rack

PLATFORMS
  ruby

DEPENDENCIES
  erubis
  http_router
  rack (= 1.3.6)
  rack-contrib
  rack-test
  rake
  rdiscount
  rspec
  thin
  tilt
  yarf!
